GEM
  specs:
    coderay (1.1.2)
    method_source (0.9.2)
    paint (2.1.0)
    pry (0.12.2)
      coderay (~> 1.1.0)
      method_source (~> 0.9.0)

PLATFORMS
  ruby

DEPENDENCIES
  paint
  pry

BUNDLED WITH
   2.0.1
